GIT
  remote: git://github.com/theodi/gds-api-adapters.git
  revision: 1a963d9064719d1aff608e6b7232166ae4af489b
  specs:
    gds-api-adapters (7.25.0)
      activesupport
      link_header
      lrucache (~> 0.1.1)
      null_logger
      plek
      rest-client (~> 1.6.3)

GIT
  remote: git://github.com/theodi/odi_content_models.git
  revision: af052e0ebe0a1b37c8ebb3a2008f3e9700fccc79
  specs:
    odi_content_models (0.0.1)
      govuk_content_models (= 6.1.0)
      mongoid_spacial

GIT
  remote: git://github.com/theodi/odidown.git
  revision: 4917597d21cc727fa30d5efab499e133e93d2979
  specs:
    odidown (0.0.1)
      govspeak (~> 1.2.3)

GEM
  remote: https://rubygems.org/
  specs:
    PriorityQueue (0.1.2)
    actionmailer (3.2.22.5)
      actionpack (= 3.2.22.5)
      mail (~> 2.5.4)
    actionpack (3.2.22.5)
      activemodel (= 3.2.22.5)
      activesupport (= 3.2.22.5)
      builder (~> 3.0.0)
      erubis (~> 2.7.0)
      journey (~> 1.0.4)
      rack (~> 1.4.5)
      rack-cache (~> 1.2)
      rack-test (~> 0.6.1)
      sprockets (~> 2.2.1)
    activemodel (3.2.22.5)
      activesupport (= 3.2.22.5)
      builder (~> 3.0.0)
    activerecord (3.2.22.5)
      activemodel (= 3.2.22.5)
      activesupport (= 3.2.22.5)
      arel (~> 3.0.2)
      tzinfo (~> 0.3.29)
    activeresource (3.2.22.5)
      activemodel (= 3.2.22.5)
      activesupport (= 3.2.22.5)
    activesupport (3.2.22.5)
      i18n (~> 0.6, >= 0.6.4)
      multi_json (~> 1.0)
    addressable (2.4.0)
    airbrake (4.3.8)
      builder
      multi_json
    ansi (1.5.0)
    arel (3.0.3)
    aws-ses (0.6.0)
      builder
      mail (> 2.2.5)
      mime-types
      xml-simple
    bson (1.12.5)
    bson_ext (1.12.5)
      bson (~> 1.12.5)
    builder (3.0.4)
    ci_reporter (1.7.0)
      builder (>= 2.1.2)
    coderay (1.1.1)
    crack (0.4.3)
      safe_yaml (~> 1.0.0)
    database_cleaner (1.6.1)
    differ (0.1.2)
    docile (1.1.5)
    dotenv (2.2.1)
    erubis (2.7.0)
    factory_girl (4.8.0)
      activesupport (>= 3.0.0)
    faraday (0.11.0)
      multipart-post (>= 1.2, < 3)
    foreman (0.83.0)
      thor (~> 0.19.1)
    gds-sso (9.4.0)
      multi_json (~> 1.0)
      oauth2 (~> 1.0)
      omniauth (~> 1.2)
      omniauth-gds (~> 3.1)
      rack-accept (~> 0.4.4)
      rails (>= 3.0.0)
      warden (~> 1.2)
      warden-oauth2 (~> 0.0.1)
    govspeak (1.2.5)
      htmlentities (~> 4)
      kramdown (~> 0.13.3)
      sanitize (~> 2.0.3)
    govuk_content_models (6.1.0)
      bson_ext
      differ
      gds-api-adapters
      gds-sso (>= 7.0.0, < 10.0.0)
      govspeak (>= 1.0.1, < 2.0.0)
      mongoid (~> 2.5)
      plek
      state_machine
    hashdiff (0.3.0)
    hashie (3.5.5)
    hike (1.2.3)
    htmlentities (4.3.4)
    i18n (0.8.4)
    journey (1.0.4)
    json (1.8.6)
    jwt (1.5.6)
    kaminari (0.14.1)
      actionpack (>= 3.0.0)
      activesupport (>= 3.0.0)
    kramdown (0.13.8)
    link_header (0.0.8)
    lrucache (0.1.4)
      PriorityQueue (~> 0.1.2)
    mail (2.5.4)
      mime-types (~> 1.16)
      treetop (~> 1.4.8)
    metaclass (0.0.4)
    method_source (0.8.2)
    mime-types (1.25.1)
    mini_portile2 (2.1.0)
    minitest (3.4.0)
    mocha (0.12.4)
      metaclass (~> 0.0.1)
    mongo (1.12.5)
      bson (= 1.12.5)
    mongoid (2.8.1)
      activemodel (~> 3.1)
      mongo (~> 1.9)
      tzinfo (~> 0.3.22)
    mongoid_spacial (0.2.17)
      activesupport (~> 3.0)
      mongoid (>= 2.1.0, < 3.0.0)
    multi_json (1.12.1)
    multi_xml (0.6.0)
    multipart-post (2.0.0)
    nokogiri (1.6.8)
      mini_portile2 (~> 2.1.0)
      pkg-config (~> 1.1.7)
    null_logger (0.0.1)
    oauth2 (1.3.1)
      faraday (>= 0.8, < 0.12)
      jwt (~> 1.0)
      multi_json (~> 1.3)
      multi_xml (~> 0.5)
      rack (>= 1.2, < 3)
    omniauth (1.4.2)
      hashie (>= 1.2, < 4)
      rack (>= 1.0, < 3)
    omniauth-gds (3.2.1)
      multi_json (~> 1.10)
      omniauth-oauth2 (= 1.3.1)
    omniauth-oauth2 (1.3.1)
      oauth2 (~> 1.0)
      omniauth (~> 1.2)
    pkg-config (1.1.7)
    plek (2.1.1)
    polyglot (0.3.5)
    pry (0.10.4)
      coderay (~> 1.1.0)
      method_source (~> 0.8.1)
      slop (~> 3.4)
    puma (3.9.1)
    rack (1.4.7)
    rack-accept (0.4.5)
      rack (>= 0.4)
    rack-cache (1.7.0)
      rack (>= 0.4)
    rack-protection (1.5.0)
      rack
    rack-ssl (1.3.4)
      rack
    rack-test (0.6.3)
      rack (>= 1.0)
    rails (3.2.22.5)
      actionmailer (= 3.2.22.5)
      actionpack (= 3.2.22.5)
      activerecord (= 3.2.22.5)
      activeresource (= 3.2.22.5)
      activesupport (= 3.2.22.5)
      bundler (~> 1.0)
      railties (= 3.2.22.5)
    rails_12factor (0.0.3)
      rails_serve_static_assets
      rails_stdout_logging
    rails_serve_static_assets (0.0.5)
    rails_stdout_logging (0.0.5)
    railties (3.2.22.5)
      actionpack (= 3.2.22.5)
      activesupport (= 3.2.22.5)
      rack-ssl (~> 1.3.2)
      rake (>= 0.8.7)
      rdoc (~> 3.4)
      thor (>= 0.14.6, < 2.0)
    rake (12.0.0)
    rdoc (3.12.2)
      json (~> 1.4)
    rest-client (1.6.9)
      mime-types (~> 1.16)
    safe_yaml (1.0.4)
    sanitize (2.0.6)
      nokogiri (>= 1.4.4)
    shotgun (0.9.2)
      rack (>= 1.0)
    simplecov (0.14.1)
      docile (~> 1.1.0)
      json (>= 1.8, < 3)
      simplecov-html (~> 0.10.0)
    simplecov-html (0.10.1)
    simplecov-rcov (0.2.3)
      simplecov (>= 0.4.1)
    sinatra (1.4.6)
      rack (~> 1.4)
      rack-protection (~> 1.4)
      tilt (>= 1.3, < 3)
    slop (3.6.0)
    sprockets (2.2.3)
      hike (~> 1.2)
      multi_json (~> 1.0)
      rack (~> 1.0)
      tilt (~> 1.1, != 1.3.0)
    state_machine (1.2.0)
    statsd-ruby (1.0.0)
    thor (0.19.4)
    tilt (1.4.1)
    timecop (0.9.1)
    treetop (1.4.15)
      polyglot
      polyglot (>= 0.3.1)
    turn (0.9.6)
      ansi
    tzinfo (0.3.53)
    warden (1.2.7)
      rack (>= 1.0)
    warden-oauth2 (0.0.1)
      warden
    webmock (1.24.6)
      addressable (>= 2.3.6)
      crack (>= 0.3.2)
      hashdiff
    xml-simple (1.1.5)
    yajl-ruby (1.3.0)

PLATFORMS
  ruby

DEPENDENCIES
  airbrake (~> 4.3.0)
  aws-ses (= 0.6.0)
  ci_reporter (= 1.7.0)
  database_cleaner (= 1.6.1)
  dotenv
  factory_girl (= 4.8.0)
  foreman (< 0.84.0)
  gds-api-adapters!
  gds-sso (= 9.4.0)
  govuk_content_models (= 6.1.0)
  kaminari (= 0.14.1)
  link_header (= 0.0.8)
  minitest (= 3.4.0)
  mocha (= 0.12.4)
  mongo (>= 1.7.1)
  odi_content_models!
  odidown!
  plek (= 2.1.1)
  pry
  puma
  rack-protection (< 1.5.1)
  rails_12factor
  rake (= 12.0.0)
  shotgun
  simplecov (= 0.14.1)
  simplecov-rcov (= 0.2.3)
  sinatra (= 1.4.6)
  statsd-ruby (= 1.0.0)
  timecop (= 0.9.1)
  turn
  webmock (~> 1.8)
  yajl-ruby

RUBY VERSION
   ruby 1.9.3p551

BUNDLED WITH
   1.13.7
